GEM
  remote: https://rubygems.org/
  specs:
    dotenv (0.9.0)
    json (1.8.3)
    mime-types (1.25.1)
    netrc (0.7.7)
    pg (0.20.0)
    rest-client (1.7.2)
      mime-types (>= 1.16, < 3.0)
      netrc (~> 0.7)
    sequel (4.44.0)
    slop (3.4.7)

PLATFORMS
  ruby

DEPENDENCIES
  dotenv
  json (= 1.8.3)
  pg
  rest-client
  sequel
  slop

BUNDLED WITH
   1.14.6
